GIT
  remote: git@github.com:songkick/transport.git
  revision: 76999be8f61cdd4e1a1ae928af76f699727f5762
  tag: 1.7.0
  specs:
    songkick-transport (1.7.0)
      multipart-post (>= 1.1.0)
      yajl-ruby (>= 1.1.0)

PATH
  remote: .
  specs:
    songkick-transport-faraday (0.0.1)
      songkick-transport (>= 1.7.0)

GEM
  remote: https://rubygems.org/
  specs:
    diff-lcs (1.2.5)
    faraday (0.9.1)
      multipart-post (>= 1.2, < 3)
    multipart-post (2.0.0)
    rspec (3.2.0)
      rspec-core (~> 3.2.0)
      rspec-expectations (~> 3.2.0)
      rspec-mocks (~> 3.2.0)
    rspec-core (3.2.3)
      rspec-support (~> 3.2.0)
    rspec-expectations (3.2.1)
      diff-lcs (>= 1.2.0, < 2.0)
      rspec-support (~> 3.2.0)
    rspec-mocks (3.2.1)
      diff-lcs (>= 1.2.0, < 2.0)
      rspec-support (~> 3.2.0)
    rspec-support (3.2.2)
    yajl-ruby (1.2.1)

PLATFORMS
  ruby

DEPENDENCIES
  faraday (>= 0.9.0)
  rspec
  songkick-transport!
  songkick-transport-faraday!
